PATH
  remote: .
  specs:
    tilia-vobject (4.0.2.2)
      activesupport (>= 4.0)
      mail (~> 2.6)
      rchardet (~> 1.6)
      tilia-xml (~> 1.3)
      tzinfo (>= 1.2)

GEM
  remote: https://rubygems.org/
  specs:
    activesupport (7.1.2)
      base64
      bigdecimal
      concurrent-ruby (~> 1.0, >= 1.0.2)
      connection_pool (>= 2.2.5)
      drb
      i18n (>= 1.6, < 2)
      minitest (>= 5.1)
      mutex_m
      tzinfo (~> 2.0)
    ast (2.4.2)
    base64 (0.2.0)
    bigdecimal (3.1.4)
    concurrent-ruby (1.2.2)
    connection_pool (2.4.1)
    date (3.3.4)
    docile (1.4.0)
    drb (2.2.0)
      ruby2_keywords
    i18n (1.14.1)
      concurrent-ruby (~> 1.0)
    libxml-ruby (4.1.2)
    mail (2.8.1)
      mini_mime (>= 0.1.1)
      net-imap
      net-pop
      net-smtp
    mini_mime (1.1.5)
    minitest (5.20.0)
    mutex_m (0.2.0)
    net-imap (0.4.6)
      date
      net-protocol
    net-pop (0.1.2)
      net-protocol
    net-protocol (0.2.2)
      timeout
    net-smtp (0.4.0)
      net-protocol
    parallel (1.23.0)
    parser (3.2.2.4)
      ast (~> 2.4.1)
      racc
    racc (1.7.3)
    rainbow (3.1.1)
    rake (13.1.0)
    rchardet (1.8.0)
    regexp_parser (2.8.2)
    rexml (3.2.6)
    rubocop (0.93.1)
      parallel (~> 1.10)
      parser (>= 2.7.1.5)
      rainbow (>= 2.2.2, < 4.0)
      regexp_parser (>= 1.8)
      rexml
      rubocop-ast (>= 0.6.0)
      ruby-progressbar (~> 1.7)
      unicode-display_width (>= 1.4.0, < 2.0)
    rubocop-ast (1.30.0)
      parser (>= 3.2.1.0)
    ruby-progressbar (1.13.0)
    ruby2_keywords (0.0.5)
    simplecov (0.22.0)
      docile (~> 1.1)
      simplecov-html (~> 0.11)
      simplecov_json_formatter (~> 0.1)
    simplecov-html (0.12.3)
    simplecov_json_formatter (0.1.4)
    tilia-uri (1.0.1.1)
      activesupport (>= 4.0)
    tilia-xml (1.3.0.1)
      activesupport (>= 4.0)
      libxml-ruby (>= 2.8)
      tilia-uri (~> 1.0, >= 1.0.1.1)
    timeout (0.4.1)
    tzinfo (2.0.6)
      concurrent-ruby (~> 1.0)
    unicode-display_width (1.8.0)
    yard (0.9.34)

PLATFORMS
  ruby

DEPENDENCIES
  minitest (~> 5.8)
  rake
  rubocop (~> 0.34)
  simplecov (~> 0.10)
  tilia-vobject!
  yard (~> 0.8)

BUNDLED WITH
   2.4.22
